NUGET
  remote: https://www.nuget.org/api/v2
  specs:
    FAKE (4.21.0)
    FSharp.Compiler.Service (2.0.0.6)
    FSharp.Compiler.Service.ProjectCracker (2.0.0.6)
    Newtonsoft.Json (8.0.2)
    NUnit (2.6.4)
    NUnit.Runners (2.6.4)
